PATH
  remote: .
  specs:
    google_url_shortener (0.0.7)
      json (>= 1.4.6)
      rest-client
      trollop (= 1.16.2)

GEM
  remote: http://rubygems.org/
  specs:
    diff-lcs (1.1.3)
    fakeweb (1.3.0)
    json (1.7.5)
    mime-types (1.19)
    rest-client (1.6.7)
      mime-types (>= 1.16)
    rspec (2.8.0)
      rspec-core (~> 2.8.0)
      rspec-expectations (~> 2.8.0)
      rspec-mocks (~> 2.8.0)
    rspec-core (2.8.0)
    rspec-expectations (2.8.0)
      diff-lcs (~> 1.1.2)
    rspec-mocks (2.8.0)
    trollop (1.16.2)

PLATFORMS
  x86-mingw32

DEPENDENCIES
  bundler (>= 1.0.0)
  fakeweb
  google_url_shortener!
  json (>= 1.4.6)
  rest-client
  rspec (= 2.8.0)
